GEM
  remote: https://rubygems.org/
  specs:
    bson (4.0.4)
    json (1.8.3)
    mongo (2.2.4)
      bson (~> 4.0)
    rack (1.6.4)
    rack-protection (1.5.3)
      rack
    sinatra (1.4.7)
      rack (~> 1.5)
      rack-protection (~> 1.4)
      tilt (>= 1.3, < 3)
    tilt (2.0.2)

PLATFORMS
  ruby

DEPENDENCIES
  json
  mongo
  sinatra

BUNDLED WITH
   1.10.6
